GEM
  remote: https://rubygems.org/
  specs:
    motion-reveal (0.0.1)
    motion-weakattr (0.1)
    rake (10.3.2)

PLATFORMS
  ruby

DEPENDENCIES
  motion-reveal
  motion-weakattr
  rake
